GEM
  remote: https://rubygems.org/
  specs:
    coderay (1.1.2)
    colorize (0.8.1)
    domain_name (0.5.20180417)
      unf (>= 0.0.5, < 1.0.0)
    equatable (0.5.0)
    http-cookie (1.0.3)
      domain_name (~> 0.5)
    io-console (0.4.6)
    json (2.1.0)
    method_source (0.9.0)
    mime-types (3.2.2)
      mime-types-data (~> 3.2015)
    mime-types-data (3.2018.0812)
    netrc (0.11.0)
    pastel (0.7.2)
      equatable (~> 0.5.0)
      tty-color (~> 0.4.0)
    pry (0.11.3)
      coderay (~> 1.1.0)
      method_source (~> 0.9.0)
    rest-client (2.0.2)
      http-cookie (>= 1.0.2, < 2.0)
      mime-types (>= 1.16, < 4.0)
      netrc (~> 0.8)
    tty-color (0.4.3)
    tty-cursor (0.6.0)
    tty-font (0.2.0)
    tty-screen (0.6.5)
    unf (0.1.4)
      unf_ext
    unf_ext (0.0.7.5)

PLATFORMS
  ruby

DEPENDENCIES
  colorize
  io-console (~> 0.4.6)
  json
  pastel
  pry
  rest-client
  tty-cursor
  tty-font
  tty-screen

BUNDLED WITH
   1.16.6
